GEM
  remote: http://rubygems.org/
  specs:
    adsf (1.1.1)
      rack (>= 1.0.0)
    blankslate (2.1.2.4)
    builder (3.1.3)
    coderay (1.0.6)
    colored (1.2)
    cri (2.3.0)
      colored (>= 1.2)
    daemons (1.1.8)
    eventmachine (1.0.0.rc.4)
    ffi (1.0.11)
    fssm (0.2.9)
    kramdown (0.13.7)
    mime-types (1.18)
    nanoc (3.4.0)
      cri (~> 2.2)
    nokogiri (1.5.5)
    pygments.rb (0.2.12)
      rubypython (~> 0.5.3)
    rack (1.4.1)
    rake (0.9.2.2)
    rubypython (0.5.3)
      blankslate (>= 2.1.2.3)
      ffi (~> 1.0.7)
    thin (1.4.1)
      daemons (>= 1.0.9)
      eventmachine (>= 0.12.6)
      rack (>= 1.0.0)
    yajl-ruby (0.8.3)

PLATFORMS
  ruby

DEPENDENCIES
  adsf
  builder
  coderay
  fssm
  kramdown (~> 0.13.2)
  mime-types (~> 1.16)
  nanoc (~> 3.4.0)
  nokogiri (~> 1.5.5)
  pygments.rb
  rake (~> 0.9.2)
  thin
  yajl-ruby (~> 0.8.2)
